GIT
  remote: https://github.com/korobi/capifony.git
  revision: cef112d962438259549850e120496cb28ba5fe1c
  branch: feature/symfony-3
  specs:
    capifony (2.8.7.dev)
      capistrano (>= 2.13.5, <= 2.16.0)
      capistrano-maintenance (= 0.0.3)
      colored (>= 1.2.0)
      inifile (>= 2.0.2, < 3.0.0)
      ruby-progressbar (= 1.4.1)

GEM
  remote: https://rubygems.org/
  specs:
    capistrano (2.15.6)
      highline
      net-scp (>= 1.0.0)
      net-sftp (>= 2.0.0)
      net-ssh (>= 2.0.14)
      net-ssh-gateway (>= 1.1.0)
    capistrano-maintenance (0.0.3)
      capistrano (>= 2.0.0)
    colored (1.2)
    highline (1.7.3)
    inifile (2.0.2)
    net-scp (1.2.1)
      net-ssh (>= 2.6.5)
    net-sftp (2.1.2)
      net-ssh (>= 2.6.5)
    net-ssh (2.9.2)
    net-ssh-gateway (1.2.0)
      net-ssh (>= 2.6.5)
    ruby-progressbar (1.4.1)

PLATFORMS
  ruby

DEPENDENCIES
  capifony!

BUNDLED WITH
   1.10.6
